GIT
  remote: https://github.com/communitiesuk/epb-auth-tools.git
  revision: 7c4fac4ea0b7b91084c0efb8216fea446ecbd1ed
  specs:
    epb_auth_tools (0.0.0)
      jwt (~> 2.2)

GEM
  remote: https://rubygems.org/
  specs:
    diff-lcs (1.3)
    faraday (0.17.1)
      multipart-post (>= 1.2, < 3)
    jwt (2.2.1)
    multi_json (1.14.1)
    multi_xml (0.6.0)
    multipart-post (2.1.1)
    mustermann (1.0.3)
    oauth2 (1.4.2)
      faraday (>= 0.8, < 2.0)
      jwt (>= 1.0, < 3.0)
      multi_json (~> 1.3)
      multi_xml (~> 0.5)
      rack (>= 1.2, < 3)
    prettier (0.16.0)
    rack (2.0.7)
    rack-protection (2.0.7)
      rack
    rack-test (1.1.0)
      rack (>= 1.0, < 3)
    rake (13.0.1)
    rspec (3.9.0)
      rspec-core (~> 3.9.0)
      rspec-expectations (~> 3.9.0)
      rspec-mocks (~> 3.9.0)
    rspec-core (3.9.0)
      rspec-support (~> 3.9.0)
    rspec-expectations (3.9.0)
      diff-lcs (>= 1.2.0, < 2.0)
      rspec-support (~> 3.9.0)
    rspec-mocks (3.9.0)
      diff-lcs (>= 1.2.0, < 2.0)
      rspec-support (~> 3.9.0)
    rspec-support (3.9.0)
    sinatra (2.0.7)
      mustermann (~> 1.0)
      rack (~> 2.0)
      rack-protection (= 2.0.7)
      tilt (~> 2.0)
    tilt (2.0.10)
    zeitwerk (2.2.2)

PLATFORMS
  ruby

DEPENDENCIES
  epb_auth_tools!
  jwt (~> 2.2)!
  oauth2 (~> 1.4)!
  prettier (~> 0.16.0)!
  rack (~> 2.0)!
  rack-test (~> 1.1)!
  rake (~> 13.0)!
  rspec (~> 3.9)!
  sinatra (~> 2.0)!
  zeitwerk (~> 2.2)!

RUBY VERSION
   ruby 2.6.4p104

BUNDLED WITH
   2.0.2
